GIT
  remote: git://github.com/kejadlen/alphred.git
  revision: 07f784dd3bd46762e7c22479615cc380c2b1d65c
  ref: alfred-3
  specs:
    alphred (2.0.0.dev)
      builder (~> 3.2)

GEM
  remote: https://rubygems.org/
  specs:
    builder (3.2.2)
    coderay (1.1.1)
    method_source (0.8.2)
    pry (0.10.3)
      coderay (~> 1.1.0)
      method_source (~> 0.8.1)
      slop (~> 3.4)
    rake (11.1.2)
    slop (3.6.0)

PLATFORMS
  ruby

DEPENDENCIES
  alphred!
  pry
  rake

BUNDLED WITH
   1.11.2
